{
  "TaskName": "dcs",
  "SamplingFrequency": 4096,
  "PowerLineFrequency": 50,
  "SoftwareFilters": "n/a",
  "HardwareFilters": "n/a",
  "Manufacturer": "Nicolet",
  "ManufacturersModelName": "Wireless64",
  "TaskDescription": "Direct cortical stimulation evoking negative motor responses",
  "Instructions": "",
  "InstitutionName": "University Emergency Hopital Bucharest",
  "InstitutionAddress": "Bucharest, Romania",
  "ECOGChannelCount": 0,
  "SEEGChannelCount": 33,
  "EEGChannelCount": 0,
  "EOGChannelCount": 0,
  "ECGChannelCount": 0,
  "EMGChannelCount": 0,
  "MiscChannelCount": 0,
  "TriggerChannelCount": 0,
  "RecordingDuration": 26,
  "RecordingType": "continuous",
  "SubjectArtefactDescription": "High-frequency cortical stimulation artefact",
  "SoftwareVersions": "",
  "iEEGReference": "intracranial white matter electrode",
  "ElectrodeManufacturer": "DIXI Medical",
  "ElectrodeManufacturersModelName": "MicroDeep",
  "iEEGGround": "intracranial white matter electrode",
  "iEEGPlacementScheme": "",
  "iEEGElectrodeGroups": "",
  "ElectricalStimulation": true,
  "ElectricalStimulationParameters": "Biphasic 50 Hz, 1 ms pulse width, train duration ≤5 s, intensity level 0.75 mA, applied on S02-S03"
}